PATH
  remote: .
  specs:
    activerecord-sqlite-types (0.1.0)
      activerecord (>= 7.1)
      sqlite3 (>= 1.6)

GEM
  remote: https://rubygems.org/
  specs:
    activemodel (7.1.0)
      activesupport (= 7.1.0)
    activerecord (7.1.0)
      activemodel (= 7.1.0)
      activesupport (= 7.1.0)
      timeout (>= 0.4.0)
    activesupport (7.1.0)
      base64
      bigdecimal
      concurrent-ruby (~> 1.0, >= 1.0.2)
      connection_pool (>= 2.2.5)
      drb
      i18n (>= 1.6, < 2)
      minitest (>= 5.1)
      mutex_m
      tzinfo (~> 2.0)
    ast (2.4.3)
    base64 (0.3.0)
    bigdecimal (3.3.1)
    concurrent-ruby (1.3.5)
    connection_pool (2.5.4)
    drb (2.2.3)
    i18n (1.14.7)
      concurrent-ruby (~> 1.0)
    json (2.15.1)
    language_server-protocol (3.17.0.5)
    lint_roller (1.1.0)
    minitest (5.26.0)
    mutex_m (0.3.0)
    parallel (1.27.0)
    parser (3.3.9.0)
      ast (~> 2.4.1)
      racc
    prism (1.6.0)
    racc (1.8.1)
    rainbow (3.1.1)
    rake (13.3.0)
    regexp_parser (2.11.3)
    rubocop (1.80.2)
      json (~> 2.3)
      language_server-protocol (~> 3.17.0.2)
      lint_roller (~> 1.1.0)
      parallel (~> 1.10)
      parser (>= 3.3.0.2)
      rainbow (>= 2.2.2, < 4.0)
      regexp_parser (>= 2.9.3, < 3.0)
      rubocop-ast (>= 1.46.0, < 2.0)
      ruby-progressbar (~> 1.7)
      unicode-display_width (>= 2.4.0, < 4.0)
    rubocop-ast (1.47.1)
      parser (>= 3.3.7.2)
      prism (~> 1.4)
    rubocop-performance (1.25.0)
      lint_roller (~> 1.1)
      rubocop (>= 1.75.0, < 2.0)
      rubocop-ast (>= 1.38.0, < 2.0)
    ruby-progressbar (1.13.0)
    sqlite3 (1.6.0-aarch64-linux)
    sqlite3 (1.6.0-arm-linux)
    sqlite3 (1.6.0-arm64-darwin)
    sqlite3 (1.6.0-x86-linux)
    sqlite3 (1.6.0-x86_64-darwin)
    sqlite3 (1.6.0-x86_64-linux)
    standard (1.51.1)
      language_server-protocol (~> 3.17.0.2)
      lint_roller (~> 1.0)
      rubocop (~> 1.80.2)
      standard-custom (~> 1.0.0)
      standard-performance (~> 1.8)
    standard-custom (1.0.2)
      lint_roller (~> 1.0)
      rubocop (~> 1.50)
    standard-performance (1.8.0)
      lint_roller (~> 1.1)
      rubocop-performance (~> 1.25.0)
    timeout (0.4.3)
    tzinfo (2.0.6)
      concurrent-ruby (~> 1.0)
    unicode-display_width (3.2.0)
      unicode-emoji (~> 4.1)
    unicode-emoji (4.1.0)

PLATFORMS
  aarch64-linux-gnu
  aarch64-linux-musl
  arm-linux-gnu
  arm-linux-musl
  arm64-darwin
  x86-linux-gnu
  x86-linux-musl
  x86_64-darwin
  x86_64-linux-gnu
  x86_64-linux-musl

DEPENDENCIES
  activerecord-sqlite-types!
  minitest (~> 5.26)
  rake (~> 13.3)
  standard (~> 1.51)

BUNDLED WITH
   2.7.1
